GEM
  remote: https://rubygems.org/
  specs:
    codeclimate-test-reporter (1.0.3)
      simplecov
    diff-lcs (1.2.5)
    docile (1.1.5)
    json (2.0.2)
    kramdown (1.12.0)
    mdl (0.4.0)
      kramdown (~> 1.12, >= 1.12.0)
      mixlib-cli (~> 1.7, >= 1.7.0)
      mixlib-config (~> 2.2, >= 2.2.1)
    mixlib-cli (1.7.0)
    mixlib-config (2.2.4)
    posix-spawn (0.3.11)
    rake (11.3.0)
    rspec (3.5.0)
      rspec-core (~> 3.5.0)
      rspec-expectations (~> 3.5.0)
      rspec-mocks (~> 3.5.0)
    rspec-core (3.5.4)
      rspec-support (~> 3.5.0)
    rspec-expectations (3.5.0)
      diff-lcs (>= 1.2.0, < 2.0)
      rspec-support (~> 3.5.0)
    rspec-mocks (3.5.0)
      diff-lcs (>= 1.2.0, < 2.0)
      rspec-support (~> 3.5.0)
    rspec-support (3.5.0)
    simplecov (0.12.0)
      docile (~> 1.1.0)
      json (>= 1.8, < 3)
      simplecov-html (~> 0.10.0)
    simplecov-html (0.10.0)

PLATFORMS
  ruby

DEPENDENCIES
  codeclimate-test-reporter (~> 1.0.0)
  mdl (~> 0.4.0)
  posix-spawn
  rake
  rspec
  simplecov

BUNDLED WITH
   1.13.1
